PATH
  remote: .
  specs:
    lexically (0.1.1)

GEM
  remote: https://rubygems.org/
  specs:
    minitest (5.13.0)
    rake (10.5.0)

PLATFORMS
  ruby

DEPENDENCIES
  bundler (~> 1.17)
  lexically!
  minitest (~> 5.0)
  rake (~> 10.0)

BUNDLED WITH
   1.17.2
