PATH
  remote: .
  specs:
    lexically (0.1.3)

GEM
  remote: https://rubygems.org/
  specs:
    minitest (5.13.0)
    rake (13.0.1)

PLATFORMS
  ruby

DEPENDENCIES
  bundler (>= 2.2.10)
  lexically!
  minitest (~> 5.0)
  rake (~> 13.0)

BUNDLED WITH
   2.2.17
